GEM
  remote: https://rubygems.org/
  specs:
    mini_portile (0.6.0)
    nokogiri (1.6.3.1-x86-mingw32)
      mini_portile (= 0.6.0)
    prettyprint (0.0.1)
      thor
    thor (0.19.1)

PLATFORMS
  x86-mingw32

DEPENDENCIES
  nokogiri
  prettyprint
